

GROUP Analyzers
NUGET
  remote: http://www.nuget.org/api/v2
    Gu.Analyzers (0.1.11.17-dev)
    StyleCop.Analyzers (1.0)

GROUP Benchmarks
FRAMEWORK: NET452, NET461
NUGET
  remote: http://www.nuget.org/api/v2
    BenchmarkDotNet (0.9.7)
    BenchmarkDotNet.Diagnostics.Windows (0.9.7)
      BenchmarkDotNet (>= 0.9.7)
      Microsoft.Diagnostics.Tracing.TraceEvent (>= 1.0.41)
    Microsoft.Diagnostics.Tracing.TraceEvent (1.0.41)
    Ninject (3.2.2)
    SimpleInjector (4.0)
    System.Collections.Immutable (1.3.1)
    System.Reflection.Metadata (1.2)
      System.Collections.Immutable (>= 1.1.37)

GROUP Test
FRAMEWORK: NET461
NUGET
  remote: http://www.nuget.org/api/v2
    Castle.Core (4.0)
    Moq (4.7.8)
      Castle.Core (>= 4.0)
    NUnit (3.6.1)
